GEM
  remote: https://rubygems.org/
  specs:
    faraday (0.9.2)
      multipart-post (>= 1.2, < 3)
    mime-types (3.1)
      mime-types-data (~> 3.2015)
    mime-types-data (3.2016.0521)
    multipart-post (2.0.0)
    washbullet (0.4.0)
      faraday (~> 0.9.0)
      mime-types

PLATFORMS
  ruby

DEPENDENCIES
  washbullet

BUNDLED WITH
   1.16.2
